GEM
  remote: https://rubygems.org/
  specs:
    bson (3.0.1)
    faraday (0.9.1)
      multipart-post (>= 1.2, < 3)
    gruff (0.5.1)
      rmagick
    json (1.8.2)
    mongo (2.0.2)
      bson (~> 3.0)
    multipart-post (2.0.0)
    rmagick (2.14.0)
    thread (0.1.5)

PLATFORMS
  ruby

DEPENDENCIES
  faraday
  gruff
  json
  mongo
  thread
